NUGET
  remote: https://nuget.org/api/v2
  specs:
    FSharp.Data (2.1.0)
      Zlib.Portable (>= 1.10.0) - portable-7.0
    Zlib.Portable (1.10.0)
