NUGET
  remote: https://www.nuget.org/api/v2
    bootstrap (3.3.6) - content: none
      jQuery (>= 1.9.1 < 3.0)
    jQuery (2.2.3) - content: none
