NUGET
  remote: https://nuget.org/api/v2
  specs:
    FAKE (4.1.4)
    FSharp.Compiler.Service (1.4.0.1)
    FSharp.Core (4.0.0.1)
    FSharp.Formatting (2.10.0)
      FSharp.Compiler.Service (>= 0.0.87)
      FSharpVSPowerTools.Core (1.8.0)
    FSharpVSPowerTools.Core (1.8.0)
      FSharp.Compiler.Service (>= 0.0.87)
    ILRepack (2.0.5)
    Microsoft.Bcl (1.1.10)
      Microsoft.Bcl.Build (>= 1.0.14)
    Microsoft.Bcl.Build (1.0.21)
    Microsoft.Net.Http (2.2.29)
      Microsoft.Bcl (>= 1.1.10)
      Microsoft.Bcl.Build (>= 1.0.14)
    Newtonsoft.Json (7.0.1)
    NUnit (2.6.4)
    NUnit.Runners (2.6.4)
    Octokit (0.14.0)
      Microsoft.Net.Http
    UnionArgParser (0.9.0)
GITHUB
  remote: forki/FsUnit
  specs:
    FsUnit.fs (81d27fd09575a32c4ed52eadb2eeac5f365b8348)
  remote: fsharp/FAKE
  specs:
    modules/Octokit/Octokit.fsx (56f47d2c0b59f9835c7339bd9a92d3e983ff6f93)
      Octokit
    src/app/FakeLib/Globbing/Globbing.fs (56f47d2c0b59f9835c7339bd9a92d3e983ff6f93)
  remote: fsprojects/Chessie
  specs:
    src/Chessie/ErrorHandling.fs (1f23b1caeb1f87e750abc96a25109376771dd090)