NUGET
  remote: https://www.nuget.org/api/v2
  specs:
    Argu (2.1)
    Chessie (0.4.0)
      FSharp.Core
    FSharp.Core (4.0.0.1) - redirects: force
    Newtonsoft.Json (8.0.2) - redirects: force
GITHUB
  remote: fsharp/FAKE
  specs:
    src/app/FakeLib/Globbing/Globbing.fs (58dce73f9a069ae7fbfbae993f5e6f06ed9218d5)
  remote: fsharp/FSharp.Data
  specs:
    src/CommonProviderImplementation/AssemblyReader.fs (f815de5e8108bb7de25dde75135707719afd8e09)
GROUP Build
NUGET
  remote: https://www.nuget.org/api/v2
  specs:
    FAKE (4.21.4)
    FSharp.Compiler.Service (2.0.0.6)
    FSharp.Formatting (2.14.0)
      FSharp.Compiler.Service (>= 2.0.0.3 < 2.1.0)
      FSharpVSPowerTools.Core (>= 2.3.0 < 2.4.0)
    FSharpVSPowerTools.Core (2.3.0)
      FSharp.Compiler.Service (>= 2.0.0.3)
    ILRepack (2.0.10)
    Microsoft.Bcl (1.1.10)
      Microsoft.Bcl.Build (>= 1.0.14)
    Microsoft.Bcl.Build (1.0.21) - import_targets: false
    Microsoft.Net.Http (2.2.29)
      Microsoft.Bcl (>= 1.1.10)
      Microsoft.Bcl.Build (>= 1.0.14)
    Octokit (0.18.0)
      Microsoft.Net.Http
GITHUB
  remote: fsharp/FAKE
  specs:
    modules/Octokit/Octokit.fsx (58dce73f9a069ae7fbfbae993f5e6f06ed9218d5)
      Octokit
GROUP Test
NUGET
  remote: https://www.nuget.org/api/v2
  specs:
    NUnit (2.6.4)
    NUnit.Runners.Net4 (2.6.4)
GITHUB
  remote: forki/FsUnit
  specs:
    FsUnit.fs (f536bd5ed0eba8b38d2b01ae79d64e4e14fbd0a6)