NUGET
  remote: http://nuget.org/api/v2
  specs:
    DotNetZip (1.9.3)
    FAKE (3.5.6)
    FSharp.Compiler.Service (0.0.62)
    FSharp.Formatting (2.4.26)
      FSharp.Compiler.Service (>= 0.0.59)
      Microsoft.AspNet.Razor (2.0.30506.0)
      RazorEngine (3.3.0)
    Microsoft.AspNet.Razor (2.0.30506.0)
    Microsoft.Bcl (1.1.9)
      Microsoft.Bcl.Build (>= 1.0.14)
    Microsoft.Bcl.Build (1.0.21)
    Microsoft.Net.Http (2.2.28)
      Microsoft.Bcl (>= 1.1.9)
      Microsoft.Bcl.Build (>= 1.0.14)
    Newtonsoft.Json (6.0.5)
    NuGet.CommandLine (2.8.2)
    NUnit (2.6.3)
    NUnit.Runners (2.6.3)
    Octokit (0.4.1)
      Microsoft.Net.Http (>= 0)
    RazorEngine (3.3.0)
      Microsoft.AspNet.Razor (>= 2.0.30506.0)
    SourceLink.Fake (0.4.0)
    UnionArgParser (0.8.0)
GITHUB
  remote: forki/FsUnit
  specs:
    FsUnit.fs (5eab36d3aa41f310e88de4fe4f740fd1621d8bd1)
  remote: fsharp/FAKE
  specs:
    modules/Octokit/Octokit.fsx (b1b85bc9391d172e672eb89155231e80c8df6f49)
      Octokit (>= 0)