NUGET
  remote: https://nuget.org/api/v2
  specs:
    FAKE (4.0.1)
    FSharp.Compiler.Service (1.3.1.0)
    FSharp.Core (4.0.0.1)
    FSharp.Formatting (2.9.10)
      FSharp.Compiler.Service (>= 0.0.87)
      FSharpVSPowerTools.Core (1.8.0)
    FSharpVSPowerTools.Core (1.8.0)
      FSharp.Compiler.Service (>= 0.0.87)
    ILRepack (2.0.3)
    Microsoft.Bcl (1.1.10)
      Microsoft.Bcl.Build (>= 1.0.14)
    Microsoft.Bcl.Build (1.0.21)
    Microsoft.Net.Http (2.2.29)
      Microsoft.Bcl (>= 1.1.10)
      Microsoft.Bcl.Build (>= 1.0.14)
    Newtonsoft.Json (7.0.1)
    NUnit (2.6.4)
    NUnit.Runners (2.6.4)
    Octokit (0.14.0)
      Microsoft.Net.Http
    UnionArgParser (0.8.7)
GITHUB
  remote: forki/FsUnit
  specs:
    FsUnit.fs (81d27fd09575a32c4ed52eadb2eeac5f365b8348)
  remote: fsharp/FAKE
  specs:
    modules/Octokit/Octokit.fsx (8e9dd3709bc851bc9474a2ab9024c3d5a698beec)
      Octokit
    src/app/FakeLib/Globbing/Globbing.fs (8e9dd3709bc851bc9474a2ab9024c3d5a698beec)
  remote: fsprojects/Chessie
  specs:
    src/Chessie/ErrorHandling.fs (2e4d76714d6d01ac64913317870f05d7f7ae8e37)