NUGET
  remote: http://nuget.org/api/v2
  specs:
    DotNetZip (1.9.3)
    FAKE (3.4.3)
    FSharp.Compiler.Service (0.0.59)
    FSharp.Core.Microsoft.Signed (3.1.1.1)
    FSharp.Formatting (2.4.23)
      Microsoft.AspNet.Razor (2.0.30506.0)
      RazorEngine (3.3.0)
      FSharp.Compiler.Service (0.0.59)
    Microsoft.AspNet.Razor (2.0.30506.0)
    NUnit (2.6.3)
    NUnit.Runners (2.6.3)
    Newtonsoft.Json (6.0.5)
    RazorEngine (3.3.0)
      Microsoft.AspNet.Razor (>= 2.0.30506.0)
    SourceLink.Fake (0.3.4)
    UnionArgParser (0.8.0)
GITHUB
  remote: forki/FsUnit
  specs:
    FsUnit.fs (7623fc13439f0e60bd05c1ed3b5f6dcb937fe468)
