NUGET
  remote: http://nuget.org/api/v2
  specs:
    DotNetZip (1.9.3)
    FAKE (3.5.8)
    FSharp.Compiler.Service (0.0.62)
    FSharp.Formatting (2.4.29)
      FSharp.Compiler.Service (>= 0.0.62)
      Microsoft.AspNet.Razor (2.0.30506.0)
      RazorEngine (3.3.0)
    Microsoft.AspNet.Razor (2.0.30506.0)
    Microsoft.Bcl (1.1.9)
      Microsoft.Bcl.Build (>= 1.0.14)
    Microsoft.Bcl.Build (1.0.21)
    Microsoft.Net.Http (2.2.28)
      Microsoft.Bcl (>= 1.1.9)
      Microsoft.Bcl.Build (>= 1.0.14)
    Newtonsoft.Json (6.0.5)
    NuGet.CommandLine (2.8.2)
    NUnit (2.6.3)
    NUnit.Runners (2.6.3)
    Octokit (0.5.1)
      Microsoft.Net.Http (>= 0)
    RazorEngine (3.3.0)
      Microsoft.AspNet.Razor (>= 2.0.30506.0)
    SourceLink.Fake (0.4.0)
    UnionArgParser (0.8.0)
GITHUB
  remote: forki/FsUnit
  specs:
    FsUnit.fs (a8830b5a70e72a1948592cfa1e43e3c5b0a31b92)
  remote: forki/Async
  specs:
    Async.fs (2af224747851acb2f16776e529ea1d3614f6c9ee)
  remote: fsharp/FAKE
  specs:
    modules/Octokit/Octokit.fsx (6330546c3ad50dad78bf6b732d7a625dc5360eb7)
      Octokit (>= 0)