NUGET
  remote: https://nuget.org/api/v2
  specs:
    Argu (1.1.0)
    FSharp.Core (4.0.0.1) - redirects: on
    Newtonsoft.Json (7.0.1) - redirects: on
    NuGet.Versioning (3.2.0)
      System.Diagnostics.Debug (>= 4.0.10-beta-23109)
      System.Diagnostics.Tools (>= 4.0.0-beta-23109)
      System.Linq (>= 4.0.0-beta-23109)
      System.Reflection (>= 4.0.10-beta-23109)
      System.Resources.ResourceManager (>= 4.0.0-beta-23109)
      System.Runtime.Extensions (>= 4.0.10-beta-23109)
    NUnit (2.6.4)
    System.Collections (4.0.10) - framework: dnxcore50
      System.Diagnostics.Debug (>= 4.0.0)
      System.Resources.ResourceManager (>= 4.0.0)
      System.Runtime (>= 4.0.0)
      System.Runtime (>= 4.0.20)
      System.Runtime.Extensions (>= 4.0.0)
      System.Threading (>= 4.0.0)
    System.Diagnostics.Debug (4.0.11-beta-23409) - framework: dnxcore50
      System.Runtime (>= 4.0.0)
    System.Diagnostics.Tools (4.0.1-beta-23409) - framework: dnxcore50
      System.Runtime (>= 4.0.0)
    System.Globalization (4.0.10) - framework: dnxcore50
      System.Runtime (>= 4.0.0)
    System.IO (4.0.10) - framework: dnxcore50
      System.Globalization (>= 4.0.0)
      System.Runtime (>= 4.0.20)
      System.Text.Encoding (>= 4.0.0)
      System.Text.Encoding (>= 4.0.10)
      System.Text.Encoding.Extensions (>= 4.0.0)
      System.Threading (>= 4.0.0)
      System.Threading.Tasks (>= 4.0.0)
    System.Linq (4.0.1-beta-23409) - framework: dnxcore50
      System.Collections (>= 4.0.10)
      System.Diagnostics.Debug (>= 4.0.10)
      System.Resources.ResourceManager (>= 4.0.0)
      System.Runtime (>= 4.0.20)
      System.Runtime.Extensions (>= 4.0.10)
    System.Private.Uri (4.0.0) - framework: dnxcore50
    System.Reflection (4.1.0-beta-23409) - framework: dnxcore50
      System.IO (>= 4.0.0)
      System.Reflection.Primitives (>= 4.0.0)
      System.Runtime (>= 4.0.20)
    System.Reflection.Primitives (4.0.0) - framework: dnxcore50
      System.Runtime (>= 4.0.0)
      System.Threading (>= 4.0.0)
    System.Resources.ResourceManager (4.0.0) - framework: dnxcore50
      System.Globalization (>= 4.0.0)
      System.Reflection (>= 4.0.0)
      System.Reflection (>= 4.0.10)
      System.Runtime (>= 4.0.0)
      System.Runtime (>= 4.0.20)
    System.Runtime (4.0.20) - framework: dnxcore50
      System.Private.Uri (>= 4.0.0)
    System.Runtime.Extensions (4.0.11-beta-23409) - framework: dnxcore50
      System.Runtime (>= 4.0.20)
    System.Text.Encoding (4.0.10) - framework: dnxcore50
      System.Runtime (>= 4.0.0)
    System.Text.Encoding.Extensions (4.0.10) - framework: dnxcore50
      System.Runtime (>= 4.0.0)
      System.Text.Encoding (>= 4.0.10)
    System.Threading (4.0.10) - framework: dnxcore50
      System.Runtime (>= 4.0.0)
      System.Threading.Tasks (>= 4.0.0)
    System.Threading.Tasks (4.0.10) - framework: dnxcore50
      System.Runtime (>= 4.0.0)
GITHUB
  remote: fsharp/FAKE
  specs:
    src/app/FakeLib/Globbing/Globbing.fs (545fb5d2cc7901bcbfd8f7f1a53da8f7f169deda)
  remote: fsprojects/Chessie
  specs:
    src/Chessie/ErrorHandling.fs (1f23b1caeb1f87e750abc96a25109376771dd090)
GROUP Build
NUGET
  remote: https://nuget.org/api/v2
  specs:
    FAKE (4.4.4)
    FSharp.Compiler.Service (0.0.90)
    FSharp.Formatting (2.11.0)
      FSharp.Compiler.Service (>= 0.0.90 <= 1.3)
      FSharpVSPowerTools.Core (1.9.0)
    FSharpVSPowerTools.Core (1.9.0)
      FSharp.Compiler.Service (>= 0.0.90)
    ILRepack (2.0.5)
    Microsoft.Bcl (1.1.10)
      Microsoft.Bcl.Build (>= 1.0.14)
    Microsoft.Bcl.Build (1.0.21) - import_targets: false
    Microsoft.Net.Http (2.2.29)
      Microsoft.Bcl (>= 1.1.10)
      Microsoft.Bcl.Build (>= 1.0.14)
    Octokit (0.16.0)
      Microsoft.Net.Http
GITHUB
  remote: fsharp/FAKE
  specs:
    modules/Octokit/Octokit.fsx (80516864689fcf46ed484d6ba2fcd8a32cfd8ac5)
      Octokit
GROUP Test
NUGET
  remote: https://nuget.org/api/v2
  specs:
    NUnit (2.6.4)
    NUnit.Runners.Net4 (2.6.4)
GITHUB
  remote: forki/FsUnit
  specs:
    FsUnit.fs (81d27fd09575a32c4ed52eadb2eeac5f365b8348)