NUGET
  remote: https://nuget.org/api/v2
  specs:
    DotNetZip (1.9.3)
    FAKE (3.9.9)
    FSharp.Compiler.Service (0.0.67)
    FSharp.Core.Microsoft.Signed (3.1.1.1)
    FSharp.Formatting (2.4.36)
      FSharp.Compiler.Service (0.0.67)
      Microsoft.AspNet.Razor (2.0.30506.0)
      RazorEngine (3.3.0)
    Microsoft.AspNet.Razor (2.0.30506.0)
    Microsoft.Bcl (1.1.9)
      Microsoft.Bcl.Build (>= 1.0.14)
    Microsoft.Bcl.Build (1.0.21)
    Microsoft.Net.Http (2.2.28)
      Microsoft.Bcl (>= 1.1.9)
      Microsoft.Bcl.Build (>= 1.0.14)
    Newtonsoft.Json (6.0.6)
    NuGet.CommandLine (2.8.3)
    NUnit (2.6.3)
    NUnit.Runners (2.6.3)
    Octokit (0.5.2)
      Microsoft.Net.Http (>= 0)
    RazorEngine (3.3.0)
      Microsoft.AspNet.Razor (>= 2.0.30506.0)
    UnionArgParser (0.8.2)
GITHUB
  remote: forki/FsUnit
  specs:
    FsUnit.fs (a8830b5a70e72a1948592cfa1e43e3c5b0a31b92)
  remote: fsharp/FAKE
  specs:
    modules/Octokit/Octokit.fsx (abd0b166a5ea6396c375d72ff74dc4d077f24ce8)
      Octokit (>= 0)
  remote: nessos/Streams
  specs:
    src/Streams.Core/Streams.fs (5d7dc6af10400bcdbaac7b785dd95e1e32bbed43)