NUGET
  remote: https://nuget.org/api/v2
  specs:
    DotNetZip (1.9.3)
    FAKE (3.27.0)
    FSharp.Compiler.Service (0.0.87)
    FSharp.Core (3.1.2.1)
    FSharp.Formatting (2.8.0)
      FSharp.Compiler.Service (>= 0.0.86)
      FSharpVSPowerTools.Core (>= 1.7.0)
    FSharpVSPowerTools.Core (1.7.0)
      FSharp.Compiler.Service (>= 0.0.87)
    Microsoft.Bcl (1.1.10)
      Microsoft.Bcl.Build (>= 1.0.14)
    Microsoft.Bcl.Build (1.0.21)
    Microsoft.Net.Http (2.2.29)
      Microsoft.Bcl (>= 1.1.10)
      Microsoft.Bcl.Build (>= 1.0.14)
    Newtonsoft.Json (6.0.8)
    NUnit (2.6.4)
    NUnit.Runners (2.6.4)
    Octokit (0.9.0)
      Microsoft.Net.Http
    UnionArgParser (0.8.6)
GITHUB
  remote: forki/FsUnit
  specs:
    FsUnit.fs (81d27fd09575a32c4ed52eadb2eeac5f365b8348)
  remote: fsharp/FAKE
  specs:
    modules/Octokit/Octokit.fsx (73853391afa73b521ae8c7507a7f4b1eda510755)
      Octokit
    src/app/FakeLib/Globbing/Globbing.fs (73853391afa73b521ae8c7507a7f4b1eda510755)
  remote: fsprojects/Chessie
  specs:
    src/Chessie/ErrorHandling.fs (4e795a19a5ed1f2fccf812e87f7f239b549e4d9b)