NUGET
  remote: https://nuget.org/api/v2
  specs:
    FAKE (3.6.1)
    FSharp.Compiler.Service (0.0.62)
    FSharp.Formatting (2.4.33)
      FSharp.Compiler.Service (>= 0.0.62)
      Microsoft.AspNet.Razor (2.0.30506.0)
      RazorEngine (3.3.0)
    Microsoft.AspNet.Razor (2.0.30506.0)
    NuGet.CommandLine (2.8.2)
    NUnit (2.6.3)
    NUnit.Runners (2.6.3)
    RazorEngine (3.3.0)
      Microsoft.AspNet.Razor (>= 2.0.30506.0)
    SourceLink.Fake (0.4.0)
