NUGET
  remote: https://nuget.org/api/v2
  specs:
    FAKE (3.29.7)
    FSharp.Compiler.Service (0.0.87)
    FSharp.Core (3.1.2.1)
    FSharp.Formatting (2.9.2)
      FSharp.Compiler.Service (0.0.87)
      FSharpVSPowerTools.Core (1.8.0)
    FSharpVSPowerTools.Core (1.8.0)
      FSharp.Compiler.Service (>= 0.0.87)
    Microsoft.Bcl (1.1.10)
      Microsoft.Bcl.Build (>= 1.0.14)
    Microsoft.Bcl.Build (1.0.21)
    Microsoft.Net.Http (2.2.29)
      Microsoft.Bcl (>= 1.1.10)
      Microsoft.Bcl.Build (>= 1.0.14)
    Newtonsoft.Json (6.0.8)
    NUnit (2.6.4)
    NUnit.Runners (2.6.4)
    Octokit (0.10.0)
      Microsoft.Net.Http
    UnionArgParser (0.8.6)
GITHUB
  remote: forki/FsUnit
  specs:
    FsUnit.fs (81d27fd09575a32c4ed52eadb2eeac5f365b8348)
  remote: fsharp/FAKE
  specs:
    modules/Octokit/Octokit.fsx (09313172150a42dea15b6284ef55676981829b77)
      Octokit
    src/app/FakeLib/Globbing/Globbing.fs (09313172150a42dea15b6284ef55676981829b77)
  remote: fsprojects/Chessie
  specs:
    src/Chessie/ErrorHandling.fs (3017092260b4a59a3b4b25bf8fca6be6eb7487eb)