NUGET
  remote: https://nuget.org/api/v2
  specs:
    Argu (1.1.3)
    Chessie (0.2.2)
      FSharp.Core
    FSharp.Core (4.0.0.1) - redirects: force
    Newtonsoft.Json (7.0.1) - redirects: force
GITHUB
  remote: fsharp/FAKE
  specs:
    src/app/FakeLib/Globbing/Globbing.fs (821e264e79dbe73a5e67f00defd60265646b37b9)
  remote: fsharp/FSharp.Data
  specs:
    src/CommonProviderImplementation/AssemblyReader.fs (2d3d68b59864a4e0db2b264314871522e1bf7fa3)
GROUP Build
NUGET
  remote: https://nuget.org/api/v2
  specs:
    FAKE (4.11.0)
    FSharp.Compiler.Service (1.4.0.6)
    FSharp.Formatting (2.12.0)
      FSharp.Compiler.Service (1.4.0.6)
      FSharpVSPowerTools.Core (2.1.0)
    FSharpVSPowerTools.Core (2.1.0)
      FSharp.Compiler.Service (>= 1.4.0.6)
    ILRepack (2.0.9)
    Microsoft.Bcl (1.1.10)
      Microsoft.Bcl.Build (>= 1.0.14)
    Microsoft.Bcl.Build (1.0.21) - import_targets: false
    Microsoft.Net.Http (2.2.29)
      Microsoft.Bcl (>= 1.1.10)
      Microsoft.Bcl.Build (>= 1.0.14)
    Octokit (0.17.0)
      Microsoft.Net.Http
GITHUB
  remote: fsharp/FAKE
  specs:
    modules/Octokit/Octokit.fsx (821e264e79dbe73a5e67f00defd60265646b37b9)
      Octokit
GROUP Test
NUGET
  remote: https://nuget.org/api/v2
  specs:
    NUnit (2.6.4)
    NUnit.Runners.Net4 (2.6.4)
GITHUB
  remote: forki/FsUnit
  specs:
    FsUnit.fs (ddee2d57be2afd2b5a0327b87dd5b8d1dea947ce)