NUGET
  remote: http://nuget.org/api/v2
  specs:
    DotNetZip (1.9.3)
    FAKE (3.5.12)
    FSharp.Compiler.Service (0.0.62)
    FSharp.Core.Microsoft.Signed (3.1.1.1)
    FSharp.Formatting (2.4.33)
      FSharp.Compiler.Service (>= 0.0.62)
      Microsoft.AspNet.Razor (2.0.30506.0)
      RazorEngine (3.3.0)
    Microsoft.AspNet.Razor (2.0.30506.0)
    Microsoft.Bcl (1.1.9)
      Microsoft.Bcl.Build (>= 1.0.14)
    Microsoft.Bcl.Build (1.0.21)
    Microsoft.Net.Http (2.2.28)
      Microsoft.Bcl (>= 1.1.9)
      Microsoft.Bcl.Build (>= 1.0.14)
    Newtonsoft.Json (6.0.5)
    NuGet.CommandLine (2.8.2)
    NUnit (2.6.3)
    NUnit.Runners (2.6.3)
    Octokit (0.5.1)
      Microsoft.Net.Http (>= 0)
    RazorEngine (3.3.0)
      Microsoft.AspNet.Razor (>= 2.0.30506.0)
    SourceLink.Fake (0.4.0)
    UnionArgParser (0.8.0)
GITHUB
  remote: forki/FsUnit
  specs:
    FsUnit.fs (a8830b5a70e72a1948592cfa1e43e3c5b0a31b92)
  remote: fsharp/FAKE
  specs:
    modules/Octokit/Octokit.fsx (f07ef972c0050f5e3a1509c037ff44e5dacd1d64)
      Octokit (>= 0)