NUGET
  remote: https://www.nuget.org/api/v2
  specs:
    Argu (2.1)
    Chessie (0.4.0)
      FSharp.Core
    FSharp.Core (4.0.0.1) - redirects: force
    Newtonsoft.Json (8.0.3) - redirects: force
GITHUB
  remote: fsharp/FAKE
  specs:
    src/app/FakeLib/Globbing/Globbing.fs (b7630d6e9bdb7caf7640ac38ca4166d9d7717d59)
  remote: fsharp/FSharp.Data
  specs:
    src/CommonProviderImplementation/AssemblyReader.fs (f815de5e8108bb7de25dde75135707719afd8e09)
GROUP Build
NUGET
  remote: https://www.nuget.org/api/v2
  specs:
    FAKE (4.22.2)
    FSharp.Compiler.Service (2.0.0.6)
    FSharp.Formatting (2.14.0)
      FSharp.Compiler.Service (>= 2.0.0.3 < 2.1.0)
      FSharpVSPowerTools.Core (>= 2.3.0 < 2.4.0)
    FSharpVSPowerTools.Core (2.3.0)
      FSharp.Compiler.Service (>= 2.0.0.3)
    ILRepack (2.0.10)
    Microsoft.Bcl (1.1.10) - framework: net10, net11, net20, net30, net35, net40, net40-full
      Microsoft.Bcl.Build (>= 1.0.14)
    Microsoft.Bcl.Build (1.0.21) - import_targets: false, framework: net10, net11, net20, net30, net35, net40, net40-full
    Microsoft.Net.Http (2.2.29) - framework: net10, net11, net20, net30, net35, net40, net40-full
      Microsoft.Bcl (>= 1.1.10)
      Microsoft.Bcl.Build (>= 1.0.14)
    Octokit (0.19.0)
      Microsoft.Net.Http  - framework: net10, net11, net20, net30, net35, net40, net40-full
GITHUB
  remote: fsharp/FAKE
  specs:
    modules/Octokit/Octokit.fsx (b7630d6e9bdb7caf7640ac38ca4166d9d7717d59)
      Octokit
GROUP Test
NUGET
  remote: https://www.nuget.org/api/v2
  specs:
    NUnit (2.6.4)
    NUnit.Runners.Net4 (2.6.4)
GITHUB
  remote: forki/FsUnit
  specs:
    FsUnit.fs (f536bd5ed0eba8b38d2b01ae79d64e4e14fbd0a6)