FRAMEWORK: NET452, NATIVE
NUGET
  remote: https://www.nuget.org/api/v2
  specs:
    boost (1.60.0)
    boost_filesystem-vc140 (1.60.0)
      boost (1.60.0.0)
    boost_system-vc140 (1.60.0)
      boost (1.60.0.0)
    Newtonsoft.Json (8.0.3)
    NUnit (2.6.4)
