NUGET
  remote: https://www.nuget.org/api/v2
  specs:
    cpprestsdk (2.7.0)
      cpprestsdk.v120.winapp.msvcstl.dyn.rt-dyn (2.7.0)
      cpprestsdk.v120.windesktop.msvcstl.dyn.rt-dyn (2.7.0)
      cpprestsdk.v120.winphone.msvcstl.dyn.rt-dyn (2.7.0)
      cpprestsdk.v120.winphonesl.msvcstl.dyn.rt-dyn (2.7.0)
      cpprestsdk.v120.winxp.msvcstl.dyn.rt-dyn (2.7.0)
      cpprestsdk.v140.winapp.msvcstl.dyn.rt-dyn (2.7.0)
      cpprestsdk.v140.windesktop.msvcstl.dyn.rt-dyn (2.7.0)
    cpprestsdk.v120.winapp.msvcstl.dyn.rt-dyn (2.7.0)
    cpprestsdk.v120.windesktop.msvcstl.dyn.rt-dyn (2.7.0)
    cpprestsdk.v120.winphone.msvcstl.dyn.rt-dyn (2.7.0)
    cpprestsdk.v120.winphonesl.msvcstl.dyn.rt-dyn (2.7.0)
    cpprestsdk.v120.winxp.msvcstl.dyn.rt-dyn (2.7.0)
    cpprestsdk.v140.winapp.msvcstl.dyn.rt-dyn (2.7.0)
    cpprestsdk.v140.windesktop.msvcstl.dyn.rt-dyn (2.7.0)
