NUGET
  remote: http://nuget.org/api/v2
  specs:
    Castle.Core (2.0.0)
    Castle.Windsor (2.0.0)
      Castle.Core (>= 2.0.0)
