NUGET
  remote: https://www.myget.org/F/paket-test username: "paket" password: "[REPLACEME]"
  specs:
    GoogleAnalyticsTracker.Core (3.0.22)
