NUGET
  remote: https://nuget.org/api/v2
  specs:
    Newtonsoft.Json (6.0.3)

GROUP Legacy
NUGET
  remote: https://nuget.org/api/v2
  specs:
    Newtonsoft.Json (5.0.2)
