NUGET
  remote: http://nuget.org/api/v2
  specs:
    Castle.Core (3.3.1)
    Castle.Core-log4net (3.3.1)
      Castle.Core (>= 3.3.1)
      log4net (1.2.10)
    Castle.LoggingFacility (3.3.0)
      Castle.Core (>= 3.3.0)
      Castle.Windsor (>= 3.3.0)
    Castle.Windsor (3.3.0)
      Castle.Core (>= 3.3.0)
    Castle.Windsor-log4net (3.3.0)
      Castle.Core-log4net (>= 3.3.0)
      Castle.LoggingFacility (>= 3.3.0)
    log4net (1.2.10)
    NUnit (2.6.3)
